GEM
  remote: https://rubygems.org/
  specs:
    mini_portile2 (2.3.0)
    nokogiri (1.8.1)
      mini_portile2 (~> 2.3.0)
    rb-scpt (1.0.2)
    unidecoder (1.1.2)

PLATFORMS
  ruby

DEPENDENCIES
  nokogiri
  rb-scpt
  unidecoder

BUNDLED WITH
   1.15.4
