GEM
  remote: https://rubygems.org/
  specs:
    coderay (1.1.2)
    method_source (0.9.0)
    mini_portile2 (2.3.0)
    nokogiri (1.8.1)
      mini_portile2 (~> 2.3.0)
    pry (0.11.1)
      coderay (~> 1.1.0)
      method_source (~> 0.9.0)
    rb-scpt (1.0.2)
    unidecoder (1.1.2)

PLATFORMS
  ruby

DEPENDENCIES
  nokogiri
  pry
  rb-scpt
  unidecoder

BUNDLED WITH
   1.15.4
